PATH
  remote: .
  specs:
    sentry-jets (0.5.0)
      sentry-ruby

GEM
  remote: https://rubygems.org/
  specs:
    concurrent-ruby (1.1.8)
    diff-lcs (1.3)
    faraday (1.3.0)
      faraday-net_http (~> 1.0)
      multipart-post (>= 1.2, < 3)
      ruby2_keywords
    faraday-net_http (1.0.1)
    multipart-post (2.1.1)
    rake (10.5.0)
    rspec (3.8.0)
      rspec-core (~> 3.8.0)
      rspec-expectations (~> 3.8.0)
      rspec-mocks (~> 3.8.0)
    rspec-core (3.8.0)
      rspec-support (~> 3.8.0)
    rspec-expectations (3.8.2)
      diff-lcs (>= 1.2.0, < 2.0)
      rspec-support (~> 3.8.0)
    rspec-mocks (3.8.0)
      diff-lcs (>= 1.2.0, < 2.0)
      rspec-support (~> 3.8.0)
    rspec-support (3.8.0)
    ruby2_keywords (0.0.4)
    sentry-ruby (4.1.4)
      concurrent-ruby (~> 1.0, >= 1.0.2)
      faraday (>= 1.0)

PLATFORMS
  ruby

DEPENDENCIES
  bundler (~> 1.16)
  rake (~> 10.0)
  rspec (~> 3.0)
  sentry-jets!

BUNDLED WITH
   1.17.3
